GIT
  remote: git://github.com/sinisterchipmunk/bitcoin-client.git
  revision: 33a5ac809d8b1535065dc4037bae639e6c24da1b
  specs:
    bitcoin-client (0.0.3)
      rest-client

GEM
  remote: https://rubygems.org/
  specs:
    mime-types (2.4.3)
    netrc (0.10.3)
    rest-client (1.7.3)
      mime-types (>= 1.16, < 3.0)
      netrc (~> 0.7)

PLATFORMS
  ruby

DEPENDENCIES
  bitcoin-client!
